GIT
  remote: https://github.com/Hobo/hobo.git
  revision: 123e6e840f9fe7e222b3dbd3562d0f82a93086a9
  specs:
    dryml (2.1.1)
      actionpack (~> 4.0.2)
      hobo_support (= 2.1.1)
    hobo (2.1.1)
      dryml (= 2.1.1)
      hobo_fields (= 2.1.1)
      hobo_support (= 2.1.1)
      hobo_will_paginate
    hobo_clean (2.1.1)
      hobo (= 2.1.1)
      hobo_jquery (= 2.1.1)
    hobo_clean_admin (2.1.1)
      hobo_clean (= 2.1.1)
    hobo_fields (2.1.1)
      hobo_support (= 2.1.1)
    hobo_jquery (2.1.1)
      hobo_rapid (= 2.1.1)
      jquery-rails (~> 2.0)
    hobo_jquery_ui (2.1.1)
      hobo (= 2.1.1)
      hobo_jquery (= 2.1.1)
      jquery-ui-themes (~> 0.0.4)
    hobo_rapid (2.1.1)
      hobo (= 2.1.1)
    hobo_support (2.1.1)
      rails (~> 4.0.2)

GIT
  remote: https://github.com/Hobo/hobo_paperclip.git
  revision: abb4e77b849e78be9f1594b7304b71dc5a76157d
  branch: master
  specs:
    hobo_paperclip (0.0.4)
      hobo
      paperclip

GIT
  remote: https://github.com/fnando/i18n-js
  revision: de0f58d58f676d00a8c6e77b40237bcd63f01c47
  specs:
    i18n-js (3.0.0.rc8)
      i18n (~> 0.6)

GIT
  remote: https://github.com/galetahub/ckeditor.git
  revision: 2664d61ae0ac9a35e7ae103ac50ab34933231b8b
  specs:
    ckeditor (4.1.0)
      mime-types
      orm_adapter (~> 0.5.0)

PATH
  remote: vendor/gems/hobo_bootstrap
  specs:
    hobo_bootstrap (2.1.0)
      bootstrap-sass (~> 3.3.1)
      hobo_jquery (>= 2.0)
      hobo_will_paginate-bootstrap
      sass-rails (>= 3.2)
      sprockets-rails (>= 2.1.4)

PATH
  remote: vendor/gems/hobo_bootstrap_ui
  specs:
    hobo_bootstrap_ui (2.1.1)
      bootstrap-datepicker-rails
      hobo_bootstrap (>= 2.0)

PATH
  remote: vendor/gems/hobo_w2ui
  specs:
    hobo_w2ui (0.1.4)
      hobo_jquery (>= 2.0)
      rails (~> 4.0.0)

GEM
  remote: https://rubygems.org/
  specs:
    RedCloth (4.2.9)
    actionmailer (4.0.13)
      actionpack (= 4.0.13)
      mail (~> 2.5, >= 2.5.4)
    actionpack (4.0.13)
      activesupport (= 4.0.13)
      builder (~> 3.1.0)
      erubis (~> 2.7.0)
      rack (~> 1.5.2)
      rack-test (~> 0.6.2)
    active_model_serializers (0.9.0)
      activemodel (>= 3.2)
    activemodel (4.0.13)
      activesupport (= 4.0.13)
      builder (~> 3.1.0)
    activerecord (4.0.13)
      activemodel (= 4.0.13)
      activerecord-deprecated_finders (~> 1.0.2)
      activesupport (= 4.0.13)
      arel (~> 4.0.0)
    activerecord-deprecated_finders (1.0.3)
    activerecord-sqlserver-adapter (4.0.0)
      activerecord (~> 4.0.0)
      arel (~> 4.0.1)
    activesupport (4.0.13)
      i18n (~> 0.6, >= 0.6.9)
      minitest (~> 4.2)
      multi_json (~> 1.3)
      thread_safe (~> 0.1)
      tzinfo (~> 0.3.37)
    activeuuid (0.5.0)
      activerecord (>= 3.1)
      uuidtools
    acts-as-taggable-on (3.4.2)
      activerecord (>= 3.2, < 5)
    acts_as_list (0.5.0)
      activerecord (>= 3.0)
    addressable (2.3.6)
    ahoy_matey (1.1.0)
      addressable
      browser (>= 0.4.0)
      errbase
      geocoder
      referer-parser
      request_store
      user_agent_parser
      uuidtools
    akami (1.2.2)
      gyoku (>= 0.4.0)
      nokogiri
    ancestry (2.1.0)
      activerecord (>= 3.0.0)
    arel (4.0.2)
    awesome_print (1.2.0)
    barber (0.5.0)
      ember-source
      execjs
      handlebars-source (>= 1.0.0.rc.4)
    better_errors (2.0.0)
      coderay (>= 1.0.0)
      erubis (>= 2.6.6)
      rack (>= 0.9.0)
    binding_of_caller (0.7.2)
      debug_inspector (>= 0.0.1)
    bootstrap-datepicker-rails (1.3.0.2)
      railties (>= 3.0)
    bootstrap-sass (3.3.1.0)
      sass (~> 3.2)
    bootstrap-slider-rails (1.9.0)
      railties (>= 3.2, < 5.0)
    bootswatch-rails (3.2.4)
      railties (>= 3.1)
    browser (0.8.0)
    builder (3.1.4)
    byebug (3.5.1)
      columnize (~> 0.8)
      debugger-linecache (~> 1.2)
      slop (~> 3.6)
    capybara (2.1.0)
      mime-types (>= 1.16)
      nokogiri (>= 1.3.3)
      rack (>= 1.0.0)
      rack-test (>= 0.5.4)
      xpath (~> 2.0)
    childprocess (0.5.5)
      ffi (~> 1.0, >= 1.0.11)
    chronic (0.10.2)
    climate_control (0.0.3)
      activesupport (>= 3.0)
    cocaine (0.5.4)
      climate_control (>= 0.0.3, < 1.0)
    codemirror-rails (4.5)
      railties (>= 3.0, < 5)
    coderay (1.1.0)
    coffee-rails (4.0.1)
      coffee-script (>= 2.2.0)
      railties (>= 4.0.0, < 5.0)
    coffee-script (2.3.0)
      coffee-script-source
      execjs
    coffee-script-source (1.8.0)
    columnize (0.9.0)
    commonjs (0.2.7)
    cookiejar (0.3.2)
    daemons (1.1.9)
    database_cleaner (1.2.0)
    debug_inspector (0.0.2)
    debugger-linecache (1.2.0)
    delayed_job (4.0.4)
      activesupport (>= 3.0, < 4.2)
    delayed_job_active_record (4.0.2)
      activerecord (>= 3.0, < 4.2)
      delayed_job (>= 3.0, < 4.1)
    delayed_job_web (1.2.9)
      activerecord (> 3.0.0)
      delayed_job (> 2.0.3)
      sinatra (>= 1.4.4)
    diff-lcs (1.2.5)
    elasticsearch (1.0.6)
      elasticsearch-api (= 1.0.6)
      elasticsearch-transport (= 1.0.6)
    elasticsearch-api (1.0.6)
      multi_json
    elasticsearch-transport (1.0.6)
      faraday
      multi_json
    em-http-request (1.1.2)
      addressable (>= 2.3.4)
      cookiejar
      em-socksify (>= 0.3)
      eventmachine (>= 1.0.3)
      http_parser.rb (>= 0.6.0)
    em-socksify (0.3.0)
      eventmachine (>= 1.0.0.beta.4)
    ember-data-source (1.0.0.beta.11)
      ember-source
    ember-rails (0.15.0)
      active_model_serializers
      barber (>= 0.4.1)
      ember-data-source (>= 1.0.0.beta.5)
      ember-source (>= 1.1.0)
      execjs (>= 1.2)
      handlebars-source (> 1.0.0)
      jquery-rails (>= 1.0.17)
      railties (>= 3.1)
    ember-source (1.8.0)
      handlebars-source (~> 1.0)
    errbase (0.0.2)
    erubis (2.7.0)
    eventmachine (1.0.3)
    execjs (2.2.2)
    factory_girl (4.2.0)
      activesupport (>= 3.0.0)
    factory_girl_rails (4.2.1)
      factory_girl (~> 4.2.0)
      railties (>= 3.0.0)
    faker (1.2.0)
      i18n (~> 0.5)
    faraday (0.9.0)
      multipart-post (>= 1.2, < 3)
    faye (1.0.3)
      cookiejar (>= 0.3.0)
      em-http-request (>= 0.3.0)
      eventmachine (>= 0.12.0)
      faye-websocket (>= 0.7.0)
      multi_json (>= 1.0.0)
      rack (>= 1.0.0)
      websocket-driver (>= 0.3.0)
    faye-websocket (0.7.5)
      eventmachine (>= 0.12.0)
      websocket-driver (>= 0.3.5)
    ffi (1.9.6)
    font-awesome-rails (4.2.0.0)
      railties (>= 3.2, < 5.0)
    friendly_id (5.0.4)
      activerecord (>= 4.0.0)
    geocoder (1.2.6)
    gravtastic (3.2.6)
    gyoku (1.1.1)
      builder (>= 2.1.2)
    handlebars-source (1.3.0)
    hashie (3.3.1)
    hike (1.2.3)
    hobo_ckeditor (0.0.13)
      ckeditor
      hobo (>= 2.0.0)
      rails
    hobo_will_paginate (2.1.1)
    hobo_will_paginate-bootstrap (1.0.0)
      hobo_will_paginate
    holidays (1.0.8)
    http_parser.rb (0.6.0)
    httparty (0.13.1)
      json (~> 1.8)
      multi_xml (>= 0.5.2)
    httpi (2.2.7)
      rack
    i18n (0.7.0)
    jbuilder (1.5.3)
      activesupport (>= 3.0.0)
      multi_json (>= 1.2.0)
    jquery-rails (2.3.0)
      railties (>= 3.0, < 5.0)
      thor (>= 0.14, < 2.0)
    jquery-ui-rails (5.0.2)
      railties (>= 3.2.16)
    jquery-ui-themes (0.0.11)
      httparty
    json (1.8.1)
    launchy (2.3.0)
      addressable (~> 2.3)
    less (2.5.1)
      commonjs (~> 0.2.7)
    less-rails (2.5.0)
      actionpack (>= 3.1)
      less (~> 2.5.0)
    libv8 (3.16.14.7)
    macaddr (1.7.1)
      systemu (~> 2.6.2)
    mail (2.6.3)
      mime-types (>= 1.16, < 3)
    messengerjs-rails (1.4.1)
    mime-types (2.4.3)
    mini_portile (0.6.0)
    minitest (4.7.5)
    multi_json (1.10.1)
    multi_xml (0.5.5)
    multipart-post (2.0.0)
    mysql2 (0.3.16)
    naught (1.0.0)
    nokogiri (1.6.3.1)
      mini_portile (= 0.6.0)
    nori (2.4.0)
    orm_adapter (0.5.0)
    paper_trail (3.0.6)
      activerecord (>= 3.0, < 5.0)
      activesupport (>= 3.0, < 5.0)
    paperclip (4.2.0)
      activemodel (>= 3.0.0)
      activesupport (>= 3.0.0)
      cocaine (~> 0.5.3)
      mime-types
    podlove-web-player-rails (2.0.17)
      railties (>= 3.2)
    polyamorous (1.1.0)
      activerecord (>= 3.0)
    private_pub (1.0.3)
      faye
    protected_attributes (1.0.8)
      activemodel (>= 4.0.1, < 5.0)
    rack (1.5.2)
    rack-protection (1.5.3)
      rack
    rack-test (0.6.2)
      rack (>= 1.0)
    railroady (1.2.0)
    rails (4.0.13)
      actionmailer (= 4.0.13)
      actionpack (= 4.0.13)
      activerecord (= 4.0.13)
      activesupport (= 4.0.13)
      bundler (>= 1.3.0, < 2.0)
      railties (= 4.0.13)
      sprockets-rails (~> 2.0)
    railties (4.0.13)
      actionpack (= 4.0.13)
      activesupport (= 4.0.13)
      rake (>= 0.8.7)
      thor (>= 0.18.1, < 2.0)
    rake (10.4.2)
    redcarpet (3.2.2)
    ref (1.0.5)
    referer-parser (0.3.0)
    request_store (1.1.0)
    roo (1.13.2)
      nokogiri
      rubyzip
      spreadsheet (> 0.6.4)
    rspec-core (2.14.8)
    rspec-expectations (2.14.5)
      diff-lcs (>= 1.1.3, < 2.0)
    rspec-mocks (2.14.6)
    rspec-rails (2.14.2)
      actionpack (>= 3.0)
      activemodel (>= 3.0)
      activesupport (>= 3.0)
      railties (>= 3.0)
      rspec-core (~> 2.14.0)
      rspec-expectations (~> 2.14.0)
      rspec-mocks (~> 2.14.0)
    ruby-ole (1.2.11.7)
    rubyzip (0.9.9)
    sass (3.2.19)
    sass-rails (4.0.4)
      railties (>= 4.0.0, < 5.0)
      sass (~> 3.2.2)
      sprockets (~> 2.8, < 2.12)
      sprockets-rails (~> 2.0)
    savon (2.7.2)
      akami (~> 1.2.0)
      builder (>= 2.1.2)
      gyoku (~> 1.1.0)
      httpi (~> 2.2.3)
      nokogiri (>= 1.4.0)
      nori (~> 2.4.0)
      uuid (~> 2.3.7)
      wasabi (~> 3.3.0)
    searchkick (0.8.3)
      activemodel
      elasticsearch (>= 1)
      hashie
    selenium-webdriver (2.35.1)
      childprocess (>= 0.2.5)
      multi_json (~> 1.0)
      rubyzip (< 1.0.0)
      websocket (~> 1.0.4)
    shoulda (3.5.0)
      shoulda-context (~> 1.0, >= 1.0.1)
      shoulda-matchers (>= 1.4.1, < 3.0)
    shoulda-context (1.2.1)
    shoulda-matchers (2.7.0)
      activesupport (>= 3.0.0)
    sinatra (1.4.5)
      rack (~> 1.4)
      rack-protection (~> 1.4)
      tilt (~> 1.3, >= 1.3.4)
    slop (3.6.0)
    spreadsheet (1.0.0)
      ruby-ole (>= 1.0)
    sprockets (2.11.3)
      hike (~> 1.2)
      multi_json (~> 1.0)
      rack (~> 1.0)
      tilt (~> 1.1, != 1.3.0)
    sprockets-rails (2.2.2)
      actionpack (>= 3.0)
      activesupport (>= 3.0)
      sprockets (>= 2.8, < 4.0)
    squeel (1.2.1)
      activerecord (>= 3.0)
      activesupport (>= 3.0)
      polyamorous (~> 1.1.0)
    systemu (2.6.4)
    therubyracer (0.12.1)
      libv8 (~> 3.16.14.0)
      ref
    thor (0.19.1)
    thread_safe (0.3.4)
    tilt (1.4.1)
    tiny_tds (0.6.2)
    traco (3.1.5)
      activerecord (>= 3.0)
    truncate_html (0.9.3)
    try_to (1.0)
    turbolinks (2.5.1)
      coffee-rails
    tzinfo (0.3.42)
    user_agent_parser (2.2.0)
    uuid (2.3.7)
      macaddr (~> 1.0)
    uuidtools (2.1.5)
    valvat (0.6.6)
      savon (>= 2.3.0)
    wasabi (3.3.1)
      httpi (~> 2.0)
      nokogiri (>= 1.4.0)
    websocket (1.0.7)
    websocket-driver (0.3.5)
    whenever (0.9.4)
      chronic (>= 0.6.3)
    wicked_pdf (0.11.0)
      rails
    wkhtmltopdf-binary (0.9.9.3)
    xpath (2.0.0)
      nokogiri (~> 1.3)
    yajl-ruby (1.2.1)
    yaml_db (0.3.0)
      rails (>= 3.0, < 4.3)
      rake (>= 0.8.7)

PLATFORMS
  ruby

DEPENDENCIES
  RedCloth
  active_model_serializers
  activerecord-sqlserver-adapter (~> 4.0)
  activeuuid (>= 0.5.0)
  acts-as-taggable-on (~> 3.4)
  acts_as_list
  ahoy_matey
  ancestry
  awesome_print
  better_errors
  binding_of_caller
  bootstrap-slider-rails
  bootswatch-rails
  byebug
  capybara (~> 2.1.0)
  ckeditor!
  codemirror-rails
  coffee-rails (~> 4.0.0)
  daemons
  database_cleaner (~> 1.2.0)
  delayed_job_active_record
  delayed_job_web
  ember-rails
  ember-source
  factory_girl_rails (~> 4.2.1)
  faker (~> 1.2.0)
  font-awesome-rails
  friendly_id (~> 5.0.0)
  gravtastic
  hobo!
  hobo_bootstrap!
  hobo_bootstrap_ui!
  hobo_ckeditor
  hobo_clean_admin (= 2.1.1)
  hobo_jquery_ui (= 2.1.1)
  hobo_paperclip!
  hobo_w2ui!
  hobo_will_paginate
  holidays
  i18n-js!
  jbuilder (~> 1.2)
  jquery-rails (~> 2.3.0)
  jquery-ui-rails
  jquery-ui-themes (~> 0.0.4)
  launchy (~> 2.3.0)
  less-rails
  messengerjs-rails
  mysql2
  naught
  nokogiri
  paper_trail (~> 3.0.0)
  paperclip
  podlove-web-player-rails
  private_pub
  protected_attributes
  railroady
  rails (= 4.0.13)
  redcarpet
  roo
  rspec-rails (~> 2.14.0)
  sass-rails (~> 4.0.0)
  searchkick
  selenium-webdriver (~> 2.35.1)
  shoulda
  squeel
  therubyracer
  tiny_tds
  traco
  truncate_html
  try_to
  turbolinks
  valvat
  whenever
  wicked_pdf
  wkhtmltopdf-binary
  yajl-ruby
  yaml_db
