GIT
  remote: git://github.com/Hobo/hobo.git
  revision: d378dd8d242477113d015bb5c41bf7a590af3f63
  specs:
    dryml (2.1.0)
      actionpack (~> 4.0.2)
      hobo_support (= 2.1.0)
    hobo (2.1.0)
      dryml (= 2.1.0)
      hobo_fields (= 2.1.0)
      hobo_support (= 2.1.0)
      hobo_will_paginate
    hobo_fields (2.1.0)
      hobo_support (= 2.1.0)
    hobo_jquery (2.1.0)
      hobo_rapid (= 2.1.0)
      jquery-rails (~> 2.0)
    hobo_jquery_ui (2.1.0)
      hobo (= 2.1.0)
      hobo_jquery (= 2.1.0)
      jquery-ui-themes (~> 0.0.4)
    hobo_rapid (2.1.0)
      hobo (= 2.1.0)
    hobo_support (2.1.0)
      rails (~> 4.0.2)

GIT
  remote: git://github.com/Hobo/hobo_paperclip.git
  revision: abb4e77b849e78be9f1594b7304b71dc5a76157d
  branch: master
  specs:
    hobo_paperclip (0.0.4)
      hobo
      paperclip

GIT
  remote: git://github.com/galetahub/ckeditor.git
  revision: 9e35addb42b42c7d520bbb579ecdb3d89d6a5847
  specs:
    ckeditor (4.0.11)
      mime-types
      orm_adapter (~> 0.5.0)

GIT
  remote: git://github.com/rails-sqlserver/activerecord-sqlserver-adapter
  revision: 58dea084bb457936dc1bfb2097f392fd40891c76
  specs:
    activerecord-sqlserver-adapter (4.0.0)
      activerecord (~> 4.0.0)
      arel (~> 4.0.1)

PATH
  remote: vendor/engines/mercator_bechlem
  specs:
    mercator_bechlem (0.0.1)
      mysql2
      rails (~> 4.0, >= 4.0.3)

PATH
  remote: vendor/engines/mercator_icecat
  specs:
    mercator_icecat (0.0.1)
      rails (~> 4.0.3)
      saxerator
      try_to

PATH
  remote: vendor/engines/mercator_legacy_importer
  specs:
    mercator_legacy_importer (0.0.1)
      mysql2
      rails (~> 4.0.3)

PATH
  remote: vendor/engines/mercator_mesonic
  specs:
    mercator_mesonic (0.0.1)
      activerecord-sqlserver-adapter (~> 4.0.0)
      nokogiri
      rails (~> 4.0.3)

GEM
  remote: https://rubygems.org/
  specs:
    actionmailer (4.0.5)
      actionpack (= 4.0.5)
      mail (~> 2.5.4)
    actionpack (4.0.5)
      activesupport (= 4.0.5)
      builder (~> 3.1.0)
      erubis (~> 2.7.0)
      rack (~> 1.5.2)
      rack-test (~> 0.6.2)
    activemodel (4.0.5)
      activesupport (= 4.0.5)
      builder (~> 3.1.0)
    activerecord (4.0.5)
      activemodel (= 4.0.5)
      activerecord-deprecated_finders (~> 1.0.2)
      activesupport (= 4.0.5)
      arel (~> 4.0.0)
    activerecord-deprecated_finders (1.0.3)
    activesupport (4.0.5)
      i18n (~> 0.6, >= 0.6.9)
      minitest (~> 4.2)
      multi_json (~> 1.3)
      thread_safe (~> 0.1)
      tzinfo (~> 0.3.37)
    acts_as_list (0.4.0)
      activerecord (>= 3.0)
    addressable (2.3.6)
    akami (1.2.2)
      gyoku (>= 0.4.0)
      nokogiri
    ancestry (2.1.0)
      activerecord (>= 3.0.0)
    arel (4.0.2)
    better_errors (1.1.0)
      coderay (>= 1.0.0)
      erubis (>= 2.6.6)
    binding_of_caller (0.7.2)
      debug_inspector (>= 0.0.1)
    bootstrap-datepicker-rails (1.3.0.2)
      railties (>= 3.0)
    bootstrap-sass (2.3.2.2)
      sass (~> 3.2)
    bootswatch-rails (0.5.0)
      railties (>= 3.1)
    builder (3.1.4)
    capistrano (3.2.1)
      i18n
      rake (>= 10.0.0)
      sshkit (~> 1.3)
    capistrano-bundler (1.1.2)
      capistrano (~> 3.0)
      sshkit (~> 1.2)
    capistrano-rails (1.1.1)
      capistrano (~> 3.1)
      capistrano-bundler (~> 1.1)
    capybara (2.1.0)
      mime-types (>= 1.16)
      nokogiri (>= 1.3.3)
      rack (>= 1.0.0)
      rack-test (>= 0.5.4)
      xpath (~> 2.0)
    childprocess (0.5.3)
      ffi (~> 1.0, >= 1.0.11)
    chronic (0.10.2)
    climate_control (0.0.3)
      activesupport (>= 3.0)
    cocaine (0.5.4)
      climate_control (>= 0.0.3, < 1.0)
    coderay (1.1.0)
    coffee-rails (4.0.1)
      coffee-script (>= 2.2.0)
      railties (>= 4.0.0, < 5.0)
    coffee-script (2.2.0)
      coffee-script-source
      execjs
    coffee-script-source (1.7.0)
    columnize (0.8.9)
    commonjs (0.2.7)
    cookiejar (0.3.2)
    daemons (1.1.9)
    database_cleaner (1.2.0)
    debug_inspector (0.0.2)
    debugger (1.6.6)
      columnize (>= 0.3.1)
      debugger-linecache (~> 1.2.0)
      debugger-ruby_core_source (~> 1.3.2)
    debugger-linecache (1.2.0)
    debugger-ruby_core_source (1.3.2)
    diff-lcs (1.2.5)
    elasticsearch (0.4.11)
      elasticsearch-api (= 0.4.11)
      elasticsearch-transport (= 0.4.11)
    elasticsearch-api (0.4.11)
      multi_json
    elasticsearch-transport (0.4.11)
      faraday
      multi_json
    em-http-request (1.1.2)
      addressable (>= 2.3.4)
      cookiejar
      em-socksify (>= 0.3)
      eventmachine (>= 1.0.3)
      http_parser.rb (>= 0.6.0)
    em-socksify (0.3.0)
      eventmachine (>= 1.0.0.beta.4)
    erubis (2.7.0)
    eventmachine (1.0.3)
    execjs (2.0.2)
    factory_girl (4.2.0)
      activesupport (>= 3.0.0)
    factory_girl_rails (4.2.1)
      factory_girl (~> 4.2.0)
      railties (>= 3.0.0)
    faker (1.2.0)
      i18n (~> 0.5)
    faraday (0.9.0)
      multipart-post (>= 1.2, < 3)
    faye (1.0.1)
      cookiejar (>= 0.3.0)
      em-http-request (>= 0.3.0)
      eventmachine (>= 0.12.0)
      faye-websocket (>= 0.7.0)
      multi_json (>= 1.0.0)
      rack (>= 1.0.0)
      websocket-driver (>= 0.3.0)
    faye-websocket (0.7.3)
      eventmachine (>= 0.12.0)
      websocket-driver (>= 0.3.1)
    ffi (1.9.3)
    font-awesome-rails (4.0.3.2)
      railties (>= 3.2, < 5.0)
    gyoku (1.1.1)
      builder (>= 2.1.2)
    hashie (2.1.1)
    hike (1.2.3)
    hobo_bootstrap (2.1.0)
      bootstrap-sass (~> 2.1)
      hobo_jquery (>= 2.0)
      hobo_will_paginate-bootstrap
    hobo_bootstrap_ui (2.1.0)
      bootstrap-datepicker-rails
      hobo_bootstrap (>= 2.0)
    hobo_ckeditor (0.0.13)
      ckeditor
      hobo (>= 2.0.0)
      rails
    hobo_will_paginate (2.1.1)
    hobo_will_paginate-bootstrap (1.0.0)
      hobo_will_paginate
    http_parser.rb (0.6.0)
    httparty (0.13.1)
      json (~> 1.8)
      multi_xml (>= 0.5.2)
    httpi (2.1.0)
      rack
      rubyntlm (~> 0.3.2)
    i18n (0.6.9)
    jbuilder (1.5.3)
      activesupport (>= 3.0.0)
      multi_json (>= 1.2.0)
    jquery-rails (2.3.0)
      railties (>= 3.0, < 5.0)
      thor (>= 0.14, < 2.0)
    jquery-ui-themes (0.0.11)
      httparty
    json (1.8.1)
    launchy (2.3.0)
      addressable (~> 2.3)
    less (2.5.0)
      commonjs (~> 0.2.7)
    less-rails (2.5.0)
      actionpack (>= 3.1)
      less (~> 2.5.0)
    libv8 (3.16.14.3)
    mail (2.5.4)
      mime-types (~> 1.16)
      treetop (~> 1.4.8)
    messengerjs-rails (1.4.1)
    mime-types (1.25.1)
    mini_portile (0.5.3)
    minitest (4.7.5)
    multi_json (1.10.0)
    multi_xml (0.5.5)
    multipart-post (2.0.0)
    mysql2 (0.3.15)
    net-scp (1.2.1)
      net-ssh (>= 2.6.5)
    net-ssh (2.9.0)
    nokogiri (1.6.1)
      mini_portile (~> 0.5.0)
    nori (2.4.0)
    orm_adapter (0.5.0)
    paper_trail (3.0.1)
      activerecord (>= 3.0, < 5.0)
      activesupport (>= 3.0, < 5.0)
    paperclip (4.1.1)
      activemodel (>= 3.0.0)
      activesupport (>= 3.0.0)
      cocaine (~> 0.5.3)
      mime-types
    polyamorous (0.6.4)
      activerecord (>= 3.0)
    polyglot (0.3.4)
    private_pub (1.0.3)
      faye
    protected_attributes (1.0.7)
      activemodel (>= 4.0.1, < 5.0)
    quiet_assets (1.0.2)
      railties (>= 3.1, < 5.0)
    rack (1.5.2)
    rack-test (0.6.2)
      rack (>= 1.0)
    railroady (1.1.1)
    rails (4.0.5)
      actionmailer (= 4.0.5)
      actionpack (= 4.0.5)
      activerecord (= 4.0.5)
      activesupport (= 4.0.5)
      bundler (>= 1.3.0, < 2.0)
      railties (= 4.0.5)
      sprockets-rails (~> 2.0.0)
    railties (4.0.5)
      actionpack (= 4.0.5)
      activesupport (= 4.0.5)
      rake (>= 0.8.7)
      thor (>= 0.18.1, < 2.0)
    rake (10.3.1)
    ref (1.0.5)
    require_all (1.3.2)
    roo (1.13.2)
      nokogiri
      rubyzip
      spreadsheet (> 0.6.4)
    rspec-core (2.14.8)
    rspec-expectations (2.14.5)
      diff-lcs (>= 1.1.3, < 2.0)
    rspec-mocks (2.14.6)
    rspec-rails (2.14.2)
      actionpack (>= 3.0)
      activemodel (>= 3.0)
      activesupport (>= 3.0)
      railties (>= 3.0)
      rspec-core (~> 2.14.0)
      rspec-expectations (~> 2.14.0)
      rspec-mocks (~> 2.14.0)
    ruby-ole (1.2.11.7)
    rubyntlm (0.3.4)
    rubyzip (0.9.9)
    rvm-capistrano (1.5.0)
      capistrano (>= 2.15.4)
    sass (3.2.19)
    sass-rails (4.0.3)
      railties (>= 4.0.0, < 5.0)
      sass (~> 3.2.0)
      sprockets (~> 2.8, <= 2.11.0)
      sprockets-rails (~> 2.0)
    savon (2.5.0)
      akami (~> 1.2.0)
      builder (>= 2.1.2)
      gyoku (~> 1.1.0)
      httpi (~> 2.1.0)
      nokogiri (>= 1.4.0)
      nori (~> 2.4.0)
      wasabi (~> 3.3.0)
    saxerator (0.9.3)
      nokogiri (>= 1.4.0)
    searchkick (0.7.3)
      activemodel
      elasticsearch (~> 0.4.11)
      hashie
    selenium-webdriver (2.35.1)
      childprocess (>= 0.2.5)
      multi_json (~> 1.0)
      rubyzip (< 1.0.0)
      websocket (~> 1.0.4)
    shoulda (3.5.0)
      shoulda-context (~> 1.0, >= 1.0.1)
      shoulda-matchers (>= 1.4.1, < 3.0)
    shoulda-context (1.2.1)
    shoulda-matchers (2.6.1)
      activesupport (>= 3.0.0)
    spreadsheet (0.9.7)
      ruby-ole (>= 1.0)
    sprockets (2.11.0)
      hike (~> 1.2)
      multi_json (~> 1.0)
      rack (~> 1.0)
      tilt (~> 1.1, != 1.3.0)
    sprockets-rails (2.0.1)
      actionpack (>= 3.0)
      activesupport (>= 3.0)
      sprockets (~> 2.8)
    squeel (1.1.1)
      activerecord (>= 3.0)
      activesupport (>= 3.0)
      polyamorous (~> 0.6.0)
    sshkit (1.4.0)
      net-scp (>= 1.1.2)
      net-ssh (>= 2.8.0)
      term-ansicolor
    term-ansicolor (1.3.0)
      tins (~> 1.0)
    therubyracer (0.12.1)
      libv8 (~> 3.16.14.0)
      ref
    thin (1.6.2)
      daemons (>= 1.0.9)
      eventmachine (>= 1.0.0)
      rack (>= 1.0.0)
    thor (0.19.1)
    thread_safe (0.3.3)
    tilt (1.4.1)
    tins (1.1.0)
    tiny_tds (0.6.1)
    traco (3.1.1)
      activerecord (>= 3.0)
    treetop (1.4.15)
      polyglot
      polyglot (>= 0.3.1)
    try_to (1.0)
    turbolinks (2.2.2)
      coffee-rails
    tzinfo (0.3.39)
    uglifier (2.5.0)
      execjs (>= 0.3.0)
      json (>= 1.8.0)
    valvat (0.6.4)
      savon (>= 2.3.0)
    wasabi (3.3.0)
      httpi (~> 2.0)
      mime-types (< 2.0.0)
      nokogiri (>= 1.4.0)
    websocket (1.0.7)
    websocket-driver (0.3.3)
    whenever (0.9.2)
      activesupport (>= 2.3.4)
      chronic (>= 0.6.3)
    wicked_pdf (0.10.2)
      rails
    wkhtmltopdf-binary (0.9.9.1)
    xpath (2.0.0)
      nokogiri (~> 1.3)

PLATFORMS
  ruby

DEPENDENCIES
  activerecord-sqlserver-adapter (~> 4.0.0)!
  acts_as_list
  ancestry
  better_errors
  binding_of_caller
  bootswatch-rails
  capistrano
  capistrano-rails
  capybara (~> 2.1.0)
  ckeditor!
  coffee-rails (~> 4.0.0)
  database_cleaner (~> 1.2.0)
  debugger (~> 1.6.5)
  factory_girl_rails (~> 4.2.1)
  faker (~> 1.2.0)
  font-awesome-rails
  hobo!
  hobo_bootstrap (= 2.1.0)
  hobo_bootstrap_ui (= 2.1.0)
  hobo_ckeditor
  hobo_jquery_ui (= 2.1.0)
  hobo_paperclip!
  hobo_will_paginate
  jbuilder (~> 1.2)
  jquery-rails
  jquery-ui-themes (~> 0.0.4)
  launchy (~> 2.3.0)
  less-rails
  mercator_bechlem!
  mercator_icecat!
  mercator_legacy_importer!
  mercator_mesonic!
  messengerjs-rails
  mysql2
  paper_trail (~> 3.0.0)
  paperclip
  private_pub
  protected_attributes
  quiet_assets
  railroady
  rails (= 4.0.5)
  require_all
  roo
  rspec-rails (~> 2.14.0)
  rvm-capistrano
  sass-rails (~> 4.0.0)
  searchkick
  selenium-webdriver (~> 2.35.1)
  shoulda
  squeel
  therubyracer
  thin
  tiny_tds
  traco
  try_to
  turbolinks
  uglifier (>= 1.3.0)
  valvat
  whenever
  wicked_pdf
  wkhtmltopdf-binary
